GEM
  remote: https://rubygems.org/
  specs:
    backports (3.6.3)
    childprocess (0.5.5)
      ffi (~> 1.0, >= 1.0.11)
    coveralls (0.7.2)
      multi_json (~> 1.3)
      rest-client (= 1.6.7)
      simplecov (>= 0.7)
      term-ansicolor (= 1.2.2)
      thor (= 0.18.1)
    daemons (1.1.9)
    docile (1.1.5)
    eventmachine (1.0.3)
    ffi (1.9.6)
    mime-types (2.4.3)
    minitest (5.4.3)
    multi_json (1.10.1)
    power_assert (0.2.1)
    rack (1.5.2)
    rack-protection (1.5.3)
      rack
    rack-test (0.6.2)
      rack (>= 1.0)
    rake (10.3.2)
    rest-client (1.6.7)
      mime-types (>= 1.16)
    rubyzip (1.1.6)
    selenium-webdriver (2.43.0)
      childprocess (~> 0.5)
      multi_json (~> 1.0)
      rubyzip (~> 1.0)
      websocket (~> 1.0)
    simplecov (0.9.1)
      docile (~> 1.1.0)
      multi_json (~> 1.0)
      simplecov-html (~> 0.8.0)
    simplecov-html (0.8.0)
    sinatra (1.4.5)
      rack (~> 1.4)
      rack-protection (~> 1.4)
      tilt (~> 1.3, >= 1.3.4)
    sinatra-contrib (1.4.2)
      backports (>= 2.0)
      multi_json
      rack-protection
      rack-test
      sinatra (~> 1.4.0)
      tilt (~> 1.3)
    term-ansicolor (1.2.2)
      tins (~> 0.8)
    test-unit (3.0.7)
      power_assert
    thin (1.6.3)
      daemons (~> 1.0, >= 1.0.9)
      eventmachine (~> 1.0)
      rack (~> 1.0)
    thor (0.18.1)
    tilt (1.4.1)
    tins (0.13.2)
    websocket (1.2.1)

PLATFORMS
  ruby

DEPENDENCIES
  coveralls
  minitest
  rack-test
  rake
  selenium-webdriver
  sinatra
  sinatra-contrib
  test-unit
  thin
